GEM
  remote: https://rubygems.org/
  specs:
    appium_lib (8.0.2)
      awesome_print (~> 1.6)
      json (~> 1.8)
      nokogiri (~> 1.6.6)
      selenium-webdriver (~> 2.49)
      tomlrb (~> 1.1)
    awesome_print (1.7.0)
    builder (3.2.2)
    childprocess (0.5.9)
      ffi (~> 1.0, >= 1.0.11)
    chunky_png (1.3.5)
    cucumber (2.3.3)
      builder (>= 2.1.2)
      cucumber-core (~> 1.4.0)
      cucumber-wire (~> 0.0.1)
      diff-lcs (>= 1.1.3)
      gherkin (~> 3.2.0)
      multi_json (>= 1.7.5, < 2.0)
      multi_test (>= 0.1.2)
    cucumber-core (1.4.0)
      gherkin (~> 3.2.0)
    cucumber-wire (0.0.1)
    diff-lcs (1.2.5)
    ffi (1.9.10-x64-mingw32)
    gherkin (3.2.0)
    json (1.8.3)
    mini_portile2 (2.1.0)
    multi_json (1.12.1)
    multi_test (0.1.2)
    nokogiri (1.6.8-x64-mingw32)
      mini_portile2 (~> 2.1.0)
      pkg-config (~> 1.1.7)
    pkg-config (1.1.7)
    rubyzip (1.2.0)
    selenium-cucumber (2.1.4)
      appium_lib (>= 4.0.0)
      chunky_png (>= 1.3.0)
      cucumber (>= 1.3.18)
      selenium-webdriver (>= 2.41.0)
    selenium-webdriver (2.53.0)
      childprocess (~> 0.5)
      rubyzip (~> 1.0)
      websocket (~> 1.0)
    tomlrb (1.2.1)
    websocket (1.2.3)

PLATFORMS
  x64-mingw32

DEPENDENCIES
  selenium-cucumber (~> 2.1, >= 2.1.4)

RUBY VERSION
   ruby 2.0.0p648

BUNDLED WITH
   1.12.5
